GIT
  remote: https://github.com/baweaver/qo.git
  revision: 8951ce899559118eb60321014b43cf4211730bd0
  specs:
    qo (0.99.0)
      any (= 0.1.0)

PATH
  remote: .
  specs:
    fear (1.2.0)

GEM
  remote: https://rubygems.org/
  specs:
    any (0.1.0)
    ast (2.4.1)
    benchmark-ips (2.8.4)
    concurrent-ruby (1.1.8)
    diff-lcs (1.4.4)
    docile (1.3.4)
    dry-configurable (0.11.6)
      concurrent-ruby (~> 1.0)
      dry-core (~> 0.4, >= 0.4.7)
      dry-equalizer (~> 0.2)
    dry-container (0.7.2)
      concurrent-ruby (~> 1.0)
      dry-configurable (~> 0.1, >= 0.1.3)
    dry-core (0.4.9)
      concurrent-ruby (~> 1.0)
    dry-equalizer (0.3.0)
    dry-inflector (0.2.0)
    dry-logic (1.0.6)
      concurrent-ruby (~> 1.0)
      dry-core (~> 0.2)
      dry-equalizer (~> 0.2)
    dry-matcher (0.8.0)
      dry-core (>= 0.4.7)
    dry-monads (1.2.0)
      concurrent-ruby (~> 1.0)
      dry-core (~> 0.4, >= 0.4.4)
      dry-equalizer
    dry-types (1.4.0)
      concurrent-ruby (~> 1.0)
      dry-container (~> 0.3)
      dry-core (~> 0.4, >= 0.4.4)
      dry-equalizer (~> 0.3)
      dry-inflector (~> 0.1, >= 0.1.2)
      dry-logic (~> 1.0, >= 1.0.2)
    fear-rspec (0.3.0)
      fear (>= 1.0.0)
      rspec (~> 3.0)
    irb (1.1.0)
      reline (>= 0.0.1)
    parallel (1.20.0)
    parser (2.7.2.0)
      ast (~> 2.4.1)
    rainbow (3.0.0)
    rake (13.0.3)
    regexp_parser (1.8.2)
    reline (0.0.7)
    rexml (3.2.4)
    rspec (3.10.0)
      rspec-core (~> 3.10.0)
      rspec-expectations (~> 3.10.0)
      rspec-mocks (~> 3.10.0)
    rspec-core (3.10.0)
      rspec-support (~> 3.10.0)
    rspec-expectations (3.10.0)
      diff-lcs (>= 1.2.0, < 2.0)
      rspec-support (~> 3.10.0)
    rspec-mocks (3.10.0)
      diff-lcs (>= 1.2.0, < 2.0)
      rspec-support (~> 3.10.0)
    rspec-support (3.10.0)
    rubocop (1.0.0)
      parallel (~> 1.10)
      parser (>= 2.7.1.5)
      rainbow (>= 2.2.2, < 4.0)
      regexp_parser (>= 1.8)
      rexml
      rubocop-ast (>= 0.6.0)
      ruby-progressbar (~> 1.7)
      unicode-display_width (>= 1.4.0, < 2.0)
    rubocop-ast (1.1.1)
      parser (>= 2.7.1.5)
    rubocop-rspec (1.34.0)
      rubocop (>= 0.60.0)
    ruby-progressbar (1.10.1)
    ruby_coding_standard (0.3.0)
      rubocop (~> 1.0.0)
    simplecov (0.21.2)
      docile (~> 1.1)
      simplecov-html (~> 0.11)
      simplecov_json_formatter (~> 0.1)
    simplecov-html (0.12.3)
    simplecov-lcov (0.8.0)
    simplecov_json_formatter (0.1.2)
    unicode-display_width (1.7.0)
    yard (0.9.26)

PLATFORMS
  ruby

DEPENDENCIES
  benchmark-ips
  bundler
  concurrent-ruby
  dry-matcher
  dry-monads
  dry-types
  fear!
  fear-rspec
  irb
  qo!
  rake (~> 13.0)
  rspec (~> 3.1)
  rubocop (= 1.0.0)
  rubocop-rspec (= 1.34.0)
  ruby_coding_standard
  simplecov
  simplecov-lcov
  yard

BUNDLED WITH
   2.1.4
