GIT
  remote: https://github.com/baweaver/qo.git
  revision: 8951ce899559118eb60321014b43cf4211730bd0
  specs:
    qo (0.99.0)
      any (= 0.1.0)

PATH
  remote: .
  specs:
    fear (1.1.0)
      lru_redux
      treetop

GEM
  remote: https://rubygems.org/
  specs:
    any (0.1.0)
    ast (2.4.0)
    benchmark-ips (2.7.2)
    concurrent-ruby (1.1.5)
    diff-lcs (1.3)
    dry-core (0.4.7)
      concurrent-ruby (~> 1.0)
    dry-equalizer (0.2.2)
    dry-matcher (0.8.0)
      dry-core (>= 0.4.7)
    dry-monads (1.2.0)
      concurrent-ruby (~> 1.0)
      dry-core (~> 0.4, >= 0.4.4)
      dry-equalizer
    irb (1.1.0)
      reline (>= 0.0.1)
    jaro_winkler (1.5.3)
    lru_redux (1.1.0)
    parallel (1.17.0)
    parser (2.6.3.0)
      ast (~> 2.4.0)
    polyglot (0.3.5)
    rainbow (3.0.0)
    rake (13.0.1)
    reline (0.0.7)
    rspec (3.9.0)
      rspec-core (~> 3.9.0)
      rspec-expectations (~> 3.9.0)
      rspec-mocks (~> 3.9.0)
    rspec-core (3.9.0)
      rspec-support (~> 3.9.0)
    rspec-expectations (3.9.0)
      diff-lcs (>= 1.2.0, < 2.0)
      rspec-support (~> 3.9.0)
    rspec-mocks (3.9.0)
      diff-lcs (>= 1.2.0, < 2.0)
      rspec-support (~> 3.9.0)
    rspec-support (3.9.0)
    rubocop (0.73.0)
      jaro_winkler (~> 1.5.1)
      parallel (~> 1.10)
      parser (>= 2.6)
      rainbow (>= 2.2.2, < 4.0)
      ruby-progressbar (~> 1.7)
      unicode-display_width (>= 1.4.0, < 1.7)
    rubocop-rspec (1.34.0)
      rubocop (>= 0.60.0)
    ruby-progressbar (1.10.1)
    ruby_coding_standard (0.2.0)
      rubocop
    treetop (1.6.10)
      polyglot (~> 0.3)
    unicode-display_width (1.6.0)
    yard (0.9.22)

PLATFORMS
  ruby

DEPENDENCIES
  benchmark-ips
  bundler
  concurrent-ruby
  dry-matcher
  dry-monads
  fear!
  irb
  qo!
  rake (~> 13.0)
  rspec (~> 3.1)
  rubocop-rspec (= 1.34.0)
  ruby_coding_standard
  yard

BUNDLED WITH
   2.0.2
