GIT
  remote: git://github.com/baweaver/qo.git
  revision: 8951ce899559118eb60321014b43cf4211730bd0
  specs:
    qo (0.99.0)
      any (= 0.1.0)

PATH
  remote: .
  specs:
    fear (1.0.0)
      lru_redux
      treetop

GEM
  remote: https://rubygems.org/
  specs:
    any (0.1.0)
    ast (2.4.0)
    benchmark-ips (2.7.2)
    concurrent-ruby (1.1.5)
    diff-lcs (1.3)
    dry-core (0.4.7)
      concurrent-ruby (~> 1.0)
    dry-equalizer (0.2.2)
    dry-matcher (0.7.0)
    dry-monads (1.2.0)
      concurrent-ruby (~> 1.0)
      dry-core (~> 0.4, >= 0.4.4)
      dry-equalizer
    irb (1.0.0)
    jaro_winkler (1.5.2)
    lru_redux (1.1.0)
    parallel (1.17.0)
    parser (2.6.3.0)
      ast (~> 2.4.0)
    polyglot (0.3.5)
    powerpack (0.1.2)
    psych (3.1.0)
    rainbow (3.0.0)
    rake (12.3.2)
    rspec (3.8.0)
      rspec-core (~> 3.8.0)
      rspec-expectations (~> 3.8.0)
      rspec-mocks (~> 3.8.0)
    rspec-core (3.8.0)
      rspec-support (~> 3.8.0)
    rspec-expectations (3.8.2)
      diff-lcs (>= 1.2.0, < 2.0)
      rspec-support (~> 3.8.0)
    rspec-mocks (3.8.0)
      diff-lcs (>= 1.2.0, < 2.0)
      rspec-support (~> 3.8.0)
    rspec-support (3.8.0)
    rubocop (0.65.0)
      jaro_winkler (~> 1.5.1)
      parallel (~> 1.10)
      parser (>= 2.5, != 2.5.1.1)
      powerpack (~> 0.1)
      psych (>= 3.1.0)
      rainbow (>= 2.2.2, < 4.0)
      ruby-progressbar (~> 1.7)
      unicode-display_width (~> 1.4.0)
    rubocop-rspec (1.33.0)
      rubocop (>= 0.60.0)
    ruby-progressbar (1.10.1)
    treetop (1.6.10)
      polyglot (~> 0.3)
    unicode-display_width (1.4.1)
    yard (0.9.19)

PLATFORMS
  ruby

DEPENDENCIES
  benchmark-ips
  bundler
  concurrent-ruby
  dry-matcher
  dry-monads
  fear!
  irb
  qo!
  rake (~> 12.3)
  rspec (~> 3.1)
  rubocop (= 0.65.0)
  rubocop-rspec (= 1.33.0)
  yard

BUNDLED WITH
   1.17.2
